GIT
  remote: https://github.com/r7kamura/weneedfeed
  revision: bb3593c207da77ab5f5b82ec2d16fbf812881688
  specs:
    weneedfeed (0.1.0)
      faraday
      hibana
      nokogiri
      rack-capture (>= 0.4.0)

GEM
  remote: https://rubygems.org/
  specs:
    concurrent-ruby (1.1.7)
    faraday (1.1.0)
      multipart-post (>= 1.2, < 3)
      ruby2_keywords
    hanami-router (1.3.2)
      hanami-utils (~> 1.3)
      http_router (= 0.11.2)
      rack (~> 2.0)
    hanami-utils (1.3.6)
      concurrent-ruby (~> 1.0)
      transproc (~> 1.0)
    hibana (0.1.1)
      hanami-router
      rack
      tilt
    http_router (0.11.2)
      rack (>= 1.0.0)
      url_mount (~> 0.2.1)
    mini_portile2 (2.4.0)
    multipart-post (2.1.1)
    nokogiri (1.10.10)
      mini_portile2 (~> 2.4.0)
    rack (2.2.3)
    rack-capture (0.4.0)
      rack
    rake (13.0.1)
    ruby2_keywords (0.0.2)
    tilt (2.0.10)
    transproc (1.1.1)
    url_mount (0.2.1)
      rack

PLATFORMS
  ruby

DEPENDENCIES
  rake
  weneedfeed!

BUNDLED WITH
   2.1.4
